GEM
  remote: https://rubygems.org/
  specs:
    gosu (0.13.1)
    opengl (0.10.0)

PLATFORMS
  ruby

DEPENDENCIES
  gosu
  opengl

BUNDLED WITH
   1.16.0
